GEM
  remote: http://rubygems.org/
  specs:
    crack (0.1.8)
    daemons (1.1.9)
    eventmachine (0.12.10)
    httparty (0.7.8)
      crack (= 0.1.8)
    json (1.7.3)
    protolink (0.2.11)
      eventmachine
      httparty (~> 0.7.4)
    rack (1.4.1)
    rack-protection (1.2.0)
      rack
    shotgun (0.9)
      rack (>= 1.0)
    sinatra (1.3.3)
      rack (~> 1.3, >= 1.3.6)
      rack-protection (~> 1.2)
      tilt (~> 1.3, >= 1.3.3)
    thin (1.4.1)
      daemons (>= 1.0.9)
      eventmachine (>= 0.12.6)
      rack (>= 1.0.0)
    tilt (1.3.3)

PLATFORMS
  ruby

DEPENDENCIES
  json
  protolink
  rack-protection
  shotgun
  sinatra
  thin
