GIT
  remote: git://github.com/peanut/sinatra-sprockets.git
  revision: 7f38216ea49859ffb3917a380cb2e4bcabbea796
  specs:
    sinatra-sprockets (0.0.2)
      activesupport
      closure-compiler
      execjs
      sprockets (~> 2.0.0)
      therubyracer
      uglifier
      uglifier
      yui-compressor

GIT
  remote: git@github.com:protonet/protolink.git
  revision: 97e67612ac1e105bfb1fd060a27de244c910ba41
  branch: mobile
  specs:
    protolink (0.2.11)
      eventmachine
      httparty (~> 0.7.4)

GEM
  remote: http://rubygems.org/
  specs:
    POpen4 (0.1.4)
      Platform (>= 0.4.0)
      open4
    Platform (0.4.0)
    activesupport (3.2.8)
      i18n (~> 0.6)
      multi_json (~> 1.0)
    closure-compiler (1.1.7)
    crack (0.1.8)
    daemons (1.1.9)
    eventmachine (1.0.0)
    execjs (1.4.0)
      multi_json (~> 1.0)
    hike (1.2.1)
    httparty (0.7.8)
      crack (= 0.1.8)
    i18n (0.6.1)
    json (1.7.5)
    libv8 (3.3.10.4)
    multi_json (1.3.7)
    mysql2 (0.3.11)
    open4 (1.3.0)
    rack (1.4.1)
    rack-protection (1.2.0)
      rack
    rake (0.9.2.2)
    shotgun (0.9)
      rack (>= 1.0)
    sinatra (1.3.3)
      rack (~> 1.3, >= 1.3.6)
      rack-protection (~> 1.2)
      tilt (~> 1.3, >= 1.3.3)
    sprockets (2.0.4)
      hike (~> 1.2)
      rack (~> 1.0)
      tilt (~> 1.1, != 1.3.0)
    therubyracer (0.10.2)
      libv8 (~> 3.3.10)
    thin (1.5.0)
      daemons (>= 1.0.9)
      eventmachine (>= 0.12.6)
      rack (>= 1.0.0)
    tilt (1.3.3)
    uglifier (1.3.0)
      execjs (>= 0.3.0)
      multi_json (~> 1.0, >= 1.0.2)
    warden (1.0.6)
      rack (>= 1.0)
    yui-compressor (0.9.6)
      POpen4 (>= 0.1.4)

PLATFORMS
  ruby

DEPENDENCIES
  daemons
  json
  mysql2
  protolink!
  rack-protection
  rake
  shotgun
  sinatra
  sinatra-sprockets!
  thin
  warden (= 1.0.6)
