GIT
  remote: git://github.com/dudemeister/ruby-ifconfig.git
  revision: 2ce2fd78bfea76c1cf8469884b1f0d2c4bc452e4
  specs:
    ruby-ifconfig (1.2.4)

GIT
  remote: git://github.com/dudemeister/sprockets-rails.git
  revision: d9afb65998d61db628e9bac14554c4d71920879d
  specs:
    sprockets-rails (0.0.2)

GIT
  remote: git://github.com/protonet/protolink.git
  revision: c621556b3e668080a8fc2fef2f10c651df215364
  specs:
    protolink (0.2.11)
      eventmachine
      httparty (~> 0.7.4)

GIT
  remote: git://github.com/protonet/sunspot.git
  revision: 338dad6a8ae8687b35959c6cdbdf495abe7ec4a9
  specs:
    sunspot (1.2.1)
      escape (= 0.0.4)
      pr_geohash (~> 1.0)
      rsolr (= 0.12.1)
    sunspot_rails (1.2.1)
      nokogiri
      sunspot (= 1.2.1)

GEM
  remote: http://rubygems.org/
  remote: http://gems.github.com/
  specs:
    abstract (1.0.0)
    actionmailer (3.0.15)
      actionpack (= 3.0.15)
      mail (~> 2.2.19)
    actionpack (3.0.15)
      activemodel (= 3.0.15)
      activesupport (= 3.0.15)
      builder (~> 2.1.2)
      erubis (~> 2.6.6)
      i18n (~> 0.5.0)
      rack (~> 1.2.5)
      rack-mount (~> 0.6.14)
      rack-test (~> 0.5.7)
      tzinfo (~> 0.3.23)
    activeldap3 (1.2.3)
    activemodel (3.0.15)
      activesupport (= 3.0.15)
      builder (~> 2.1.2)
      i18n (~> 0.5.0)
    activerecord (3.0.15)
      activemodel (= 3.0.15)
      activesupport (= 3.0.15)
      arel (~> 2.0.10)
      tzinfo (~> 0.3.23)
    activeresource (3.0.15)
      activemodel (= 3.0.15)
      activesupport (= 3.0.15)
    activesupport (3.0.15)
    addressable (2.2.8)
    arel (2.0.10)
    bcrypt-ruby (2.1.4)
    builder (2.1.2)
    capistrano (2.5.19)
      highline
      net-scp (>= 1.0.0)
      net-sftp (>= 2.0.0)
      net-ssh (>= 2.0.14)
      net-ssh-gateway (>= 1.0.0)
    capistrano-ext (1.2.1)
      capistrano (>= 1.0.0)
    capybara (1.1.2)
      mime-types (>= 1.16)
      nokogiri (>= 1.3.3)
      rack (>= 1.0.0)
      rack-test (>= 0.5.4)
      selenium-webdriver (~> 2.0)
      xpath (~> 0.1.4)
    childprocess (0.3.3)
      ffi (~> 1.0.6)
    chronic (0.6.7)
    cocaine (0.2.1)
    configatron (2.6.3)
      yamler (>= 0.1.0)
    crack (0.1.8)
    cucumber (1.2.0)
      builder (>= 2.1.2)
      diff-lcs (>= 1.1.3)
      gherkin (~> 2.10.0)
      json (>= 1.4.6)
    cucumber-rails (1.3.0)
      capybara (>= 1.1.2)
      cucumber (>= 1.1.8)
      nokogiri (>= 1.5.0)
    daemon_controller (1.0.0)
    daemons (1.0.10)
    database_cleaner (0.7.2)
    declarative_authorization (0.5.5)
    devise (1.2.1)
      bcrypt-ruby (~> 2.1.2)
      orm_adapter (~> 0.0.3)
      warden (~> 1.0.3)
    diff-lcs (1.1.3)
    dudemeister-uuid4r (0.1.3)
    em-websocket (0.3.5)
      addressable (>= 2.1.1)
      eventmachine (>= 0.12.9)
    email_spec (1.2.1)
      mail (~> 2.2)
      rspec (~> 2.0)
    erubis (2.6.6)
      abstract (>= 1.0.0)
    escape (0.0.4)
    eventmachine (1.0.0.beta.2)
    factory_girl (3.3.0)
      activesupport (>= 3.0.0)
    factory_girl_rails (3.3.0)
      factory_girl (~> 3.3.0)
      railties (>= 3.0.0)
    faker (1.0.1)
      i18n (~> 0.4)
    ffi (1.0.11)
    ffi-xattr (0.0.4)
      ffi
    fishman-eventmachine_httpserver (0.2.2)
    foreman (0.46.0)
      thor (>= 0.13.6)
    gherkin (2.10.0)
      json (>= 1.4.6)
    highline (1.6.12)
    hoptoad_notifier (2.4.11)
      activesupport
      builder
    httparty (0.7.4)
      crack (= 0.1.8)
    i18n (0.5.0)
    jquery-rails (1.0.19)
      railties (~> 3.0)
      thor (~> 0.14)
    jruby-pageant (1.0.2)
    json (1.7.3)
    launchy (2.1.0)
      addressable (~> 2.2.6)
    libwebsocket (0.1.3)
      addressable
    mail (2.2.19)
      activesupport (>= 2.3.6)
      i18n (>= 0.4.0)
      mime-types (~> 1.16)
      treetop (~> 1.4.8)
    memcache-client (1.8.5)
    mime-types (1.18)
    mocha (0.9.8)
      rake
    multi_json (1.3.6)
    mysql2 (0.2.7)
    net-scp (1.0.4)
      net-ssh (>= 1.99.1)
    net-sftp (2.0.5)
      net-ssh (>= 2.0.9)
    net-ssh (2.4.0)
      jruby-pageant (>= 1.0.2)
    net-ssh-gateway (1.1.0)
      net-ssh (>= 1.99.1)
    newrelic_rpm (3.3.4.1)
    nokogiri (1.5.2)
    orm_adapter (0.0.7)
    paperclip (2.3.16)
      activerecord (>= 2.3.0)
      activesupport (>= 2.3.2)
      cocaine (>= 0.0.2)
      mime-types
    pickle (0.4.10)
      cucumber (>= 0.8)
      rake
    polyglot (0.3.3)
    pr_geohash (1.0.0)
    rack (1.2.5)
    rack-mount (0.6.14)
      rack (>= 1.0.0)
    rack-test (0.5.7)
      rack (>= 1.0)
    rails (3.0.15)
      actionmailer (= 3.0.15)
      actionpack (= 3.0.15)
      activerecord (= 3.0.15)
      activeresource (= 3.0.15)
      activesupport (= 3.0.15)
      bundler (~> 1.0)
      railties (= 3.0.15)
    railties (3.0.15)
      actionpack (= 3.0.15)
      activesupport (= 3.0.15)
      rake (>= 0.8.7)
      rdoc (~> 3.4)
      thor (~> 0.14.4)
    rake (0.9.2.2)
    rdoc (3.12)
      json (~> 1.4)
    rsolr (0.12.1)
      builder (>= 2.1.2)
    rspec (2.10.0)
      rspec-core (~> 2.10.0)
      rspec-expectations (~> 2.10.0)
      rspec-mocks (~> 2.10.0)
    rspec-core (2.10.1)
    rspec-expectations (2.10.0)
      diff-lcs (~> 1.1.3)
    rspec-mocks (2.10.1)
    rspec-rails (2.10.1)
      actionpack (>= 3.0)
      activesupport (>= 3.0)
      railties (>= 3.0)
      rspec (~> 2.10.0)
    ruby-ip (0.9.0)
    ruby-net-ldap (0.0.4)
    rubyzip (0.9.9)
    selenium-webdriver (2.24.0)
      childprocess (>= 0.2.5)
      libwebsocket (~> 0.1.3)
      multi_json (~> 1.0)
      rubyzip
    shoulda (3.0.1)
      shoulda-context (~> 1.0.0)
      shoulda-matchers (~> 1.0.0)
    shoulda-context (1.0.0)
    shoulda-matchers (1.0.0)
    sprockets (1.0.2)
    sunspot_index_queue (1.1.3)
      sunspot (>= 1.1.0)
    thor (0.14.6)
    tmm1-amqp (0.6.4)
      eventmachine (>= 0.12.4)
    treetop (1.4.10)
      polyglot
      polyglot (>= 0.3.1)
    tzinfo (0.3.33)
    warden (1.0.6)
      rack (>= 1.0)
    whenever (0.7.3)
      activesupport (>= 2.3.4)
      chronic (~> 0.6.3)
    will_paginate (3.0.3)
    xpath (0.1.4)
      nokogiri (~> 1.3)
    yamler (0.1.0)

PLATFORMS
  ruby

DEPENDENCIES
  activeldap3
  bundler (= 1.2.0.pre.1)
  capistrano (= 2.5.19)
  capistrano-ext (= 1.2.1)
  capybara (= 1.1.2)
  configatron (= 2.6.3)
  cucumber-rails (= 1.3.0)
  daemon_controller
  daemons (= 1.0.10)
  database_cleaner
  declarative_authorization (~> 0.5.2)
  devise (= 1.2.1)
  dudemeister-uuid4r (= 0.1.3)
  em-websocket (= 0.3.5)
  email_spec
  eventmachine (= 1.0.0.beta.2)
  factory_girl_rails
  faker
  ffi-xattr
  fishman-eventmachine_httpserver (= 0.2.2)
  foreman
  hoptoad_notifier
  httparty (= 0.7.4)
  jquery-rails
  json (~> 1.7.3)
  launchy
  memcache-client
  mocha (= 0.9.8)
  mysql2 (= 0.2.7)
  newrelic_rpm
  paperclip (~> 2.3.8)
  pickle
  protolink!
  rails (~> 3.0.15)
  rspec-rails
  ruby-ifconfig!
  ruby-ip (= 0.9.0)
  ruby-net-ldap (= 0.0.4)
  selenium-webdriver
  shoulda
  sprockets (= 1.0.2)
  sprockets-rails!
  sunspot!
  sunspot_index_queue
  sunspot_rails
  tmm1-amqp (= 0.6.4)
  whenever
  will_paginate (= 3.0.3)
