GIT
  remote: git://github.com/dudemeister/sprockets-rails.git
  revision: d9afb65998d61db628e9bac14554c4d71920879d
  specs:
    sprockets-rails (0.0.2)

GIT
  remote: git://github.com/intridea/omniauth.git
  revision: 62c84408a5c07b57135db454383e1ce30a7967ef
  tag: v0.3.0.rc3
  specs:
    oa-basic (0.3.0.rc3)
      oa-core (= 0.3.0.rc3)
      rest-client (~> 1.6.0)
    oa-core (0.3.0.rc3)
    oa-enterprise (0.3.0.rc3)
      XMLCanonicalizer (~> 1.0.1)
      addressable (~> 2.2.6)
      net-ldap (~> 0.2.2)
      nokogiri (~> 1.5.0)
      oa-core (= 0.3.0.rc3)
      pyu-ruby-sasl (~> 0.0.3.1)
      rubyntlm (~> 0.1.1)
      uuid
    oa-more (0.3.0.rc3)
      multi_json (~> 1.0.0)
      oa-core (= 0.3.0.rc3)
      rest-client (~> 1.6.0)
    oa-oauth (0.3.0.rc3)
      faraday (~> 0.7.3)
      multi_json (~> 1.0.0)
      multi_xml (~> 0.3.0)
      oa-core (= 0.3.0.rc3)
      oauth (~> 0.4.0)
      oauth2 (~> 0.5.0)
    oa-openid (0.3.0.rc3)
      oa-core (= 0.3.0.rc3)
      rack-openid (~> 1.3.1)
      ruby-openid-apps-discovery (~> 1.2.0)
    omniauth (0.3.0.rc3)
      oa-basic (= 0.3.0.rc3)
      oa-core (= 0.3.0.rc3)
      oa-enterprise (= 0.3.0.rc3)
      oa-more (= 0.3.0.rc3)
      oa-oauth (= 0.3.0.rc3)
      oa-openid (= 0.3.0.rc3)

GIT
  remote: git://github.com/protonet/sunspot.git
  revision: e4a1ef8d6bfe75b827f1c8a7898c8e0901469dca
  specs:
    sunspot (1.2.1)
      escape (= 0.0.4)
      pr_geohash (~> 1.0)
      rsolr (= 0.12.1)
    sunspot_rails (1.2.1)
      nokogiri
      sunspot (= 1.2.1)

GIT
  remote: git@github.com:protonet/protolink.git
  revision: 9516c033d8a231868a1faf2ad3c704f0041fbf81
  specs:
    protolink (0.2.6)
      crack
      httparty (~> 0.7.4)

GIT
  remote: https://github.com/dudemeister/ruby-ifconfig.git
  revision: 2ce2fd78bfea76c1cf8469884b1f0d2c4bc452e4
  specs:
    ruby-ifconfig (1.2.4)

GEM
  remote: http://rubygems.org/
  remote: http://gems.github.com/
  specs:
    XMLCanonicalizer (1.0.1)
      log4r (>= 1.0.4)
    abstract (1.0.0)
    actionmailer (3.0.5)
      actionpack (= 3.0.5)
      mail (~> 2.2.15)
    actionpack (3.0.5)
      activemodel (= 3.0.5)
      activesupport (= 3.0.5)
      builder (~> 2.1.2)
      erubis (~> 2.6.6)
      i18n (~> 0.4)
      rack (~> 1.2.1)
      rack-mount (~> 0.6.13)
      rack-test (~> 0.5.7)
      tzinfo (~> 0.3.23)
    activeldap3 (1.2.3)
    activemodel (3.0.5)
      activesupport (= 3.0.5)
      builder (~> 2.1.2)
      i18n (~> 0.4)
    activerecord (3.0.5)
      activemodel (= 3.0.5)
      activesupport (= 3.0.5)
      arel (~> 2.0.2)
      tzinfo (~> 0.3.23)
    activeresource (3.0.5)
      activemodel (= 3.0.5)
      activesupport (= 3.0.5)
    activesupport (3.0.5)
    addressable (2.2.6)
    arel (2.0.9)
    bcrypt-ruby (2.1.4)
    builder (2.1.2)
    capistrano (2.5.19)
      highline
      net-scp (>= 1.0.0)
      net-sftp (>= 2.0.0)
      net-ssh (>= 2.0.14)
      net-ssh-gateway (>= 1.0.0)
    capistrano-ext (1.2.1)
      capistrano (>= 1.0.0)
    capybara (1.1.0.rc1)
      mime-types (>= 1.16)
      nokogiri (>= 1.3.3)
      rack (>= 1.0.0)
      rack-test (>= 0.5.4)
      selenium-webdriver (~> 2.0)
      xpath (~> 0.1.4)
    childprocess (0.2.2)
      ffi (~> 1.0.6)
    columnize (0.3.2)
    configatron (2.6.3)
      yamler (>= 0.1.0)
    configuration (1.2.0)
    crack (0.1.8)
    cucumber (1.0.2)
      builder (>= 2.1.2)
      diff-lcs (>= 1.1.2)
      gherkin (~> 2.4.5)
      json (>= 1.4.6)
      term-ansicolor (>= 1.0.5)
    cucumber-rails (1.0.2)
      capybara (>= 1.0.0)
      cucumber (~> 1.0.0)
      nokogiri (>= 1.4.6)
    daemon_controller (0.2.6)
    daemons (1.0.10)
    database_cleaner (0.6.6)
    declarative_authorization (0.5.2)
    devise (1.2.1)
      bcrypt-ruby (~> 2.1.2)
      orm_adapter (~> 0.0.3)
      warden (~> 1.0.3)
    diff-lcs (1.1.3)
    dudemeister-uuid4r (0.1.3)
    em-websocket (0.3.1)
      addressable (>= 2.1.1)
      eventmachine (>= 0.12.9)
    email_spec (1.2.1)
      mail (~> 2.2)
      rspec (~> 2.0)
    erubis (2.6.6)
      abstract (>= 1.0.0)
    escape (0.0.4)
    eventmachine (1.0.0.beta.2)
    factory_girl (1.3.3)
    factory_girl_rails (1.0.1)
      factory_girl (~> 1.3)
      railties (>= 3.0.0)
    faker (0.9.5)
      i18n (~> 0.4)
    faraday (0.7.4)
      addressable (~> 2.2.6)
      multipart-post (~> 1.1.0)
      rack (>= 1.1.0, < 2)
    ffi (1.0.9)
    fishman-eventmachine_httpserver (0.2.2)
    foreman (0.16.0)
      term-ansicolor (~> 1.0.5)
      thor (>= 0.13.6)
    gherkin (2.4.16)
      json (>= 1.4.6)
    highline (1.6.1)
    hoptoad_notifier (2.4.9)
      activesupport
      builder
    httparty (0.7.4)
      crack (= 0.1.8)
    i18n (0.6.0)
    jeremymcanally-context (0.5.5)
    jquery-rails (0.2.7)
      rails (~> 3.0)
      thor (~> 0.14.4)
    json (1.4.6)
    json_pure (1.5.3)
    launchy (0.4.0)
      configuration (>= 0.0.5)
      rake (>= 0.8.1)
    linecache (0.43)
    log4r (1.1.9)
    macaddr (1.4.0)
      systemu (~> 2.2.0)
    mail (2.2.15)
      activesupport (>= 2.3.6)
      i18n (>= 0.4.0)
      mime-types (~> 1.16)
      treetop (~> 1.4.8)
    memcache-client (1.8.5)
    mime-types (1.16)
    mocha (0.9.8)
      rake
    multi_json (1.0.3)
    multi_xml (0.3.0)
    multipart-post (1.1.3)
    mysql (2.8.1)
    net-ldap (0.2.2)
    net-scp (1.0.4)
      net-ssh (>= 1.99.1)
    net-sftp (2.0.5)
      net-ssh (>= 2.0.9)
    net-ssh (2.1.4)
    net-ssh-gateway (1.0.1)
      net-ssh (>= 1.99.1)
    newrelic_rpm (3.1.1)
    nokogiri (1.5.0)
    oauth (0.4.5)
    oauth2 (0.5.0)
      faraday (>= 0.6.1, < 0.8)
      multi_json (~> 1.0.0)
    orm_adapter (0.0.4)
    paperclip (2.3.8)
      activerecord
      activesupport
    pickle (0.4.7)
      cucumber (>= 0.8)
      rake
    polyglot (0.3.1)
    pr_geohash (1.0.0)
    pyu-ruby-sasl (0.0.3.3)
    rack (1.2.3)
    rack-mount (0.6.14)
      rack (>= 1.0.0)
    rack-openid (1.3.1)
      rack (>= 1.1.0)
      ruby-openid (>= 2.1.8)
    rack-test (0.5.7)
      rack (>= 1.0)
    rails (3.0.5)
      actionmailer (= 3.0.5)
      actionpack (= 3.0.5)
      activerecord (= 3.0.5)
      activeresource (= 3.0.5)
      activesupport (= 3.0.5)
      bundler (~> 1.0)
      railties (= 3.0.5)
    railties (3.0.5)
      actionpack (= 3.0.5)
      activesupport (= 3.0.5)
      rake (>= 0.8.7)
      thor (~> 0.14.4)
    rake (0.9.2)
    random_data (1.5.1)
    redcarpet (1.8.2)
    rest-client (1.6.7)
      mime-types (>= 1.16)
    rsolr (0.12.1)
      builder (>= 2.1.2)
    rspec (2.6.0)
      rspec-core (~> 2.6.0)
      rspec-expectations (~> 2.6.0)
      rspec-mocks (~> 2.6.0)
    rspec-core (2.6.4)
    rspec-expectations (2.6.0)
      diff-lcs (~> 1.1.2)
    rspec-mocks (2.6.0)
    rspec-rails (2.6.1)
      actionpack (~> 3.0)
      activesupport (~> 3.0)
      railties (~> 3.0)
      rspec (~> 2.6.0)
    ruby-debug (0.10.3)
      columnize (>= 0.1)
      ruby-debug-base (~> 0.10.3.0)
    ruby-debug-base (0.10.3)
      linecache (>= 0.3)
    ruby-ip (0.9.0)
    ruby-net-ldap (0.0.4)
    ruby-openid (2.1.8)
    ruby-openid-apps-discovery (1.2.0)
      ruby-openid (>= 2.1.7)
    rubyntlm (0.1.1)
    rubyzip (0.9.4)
    selenium-webdriver (2.5.0)
      childprocess (>= 0.2.1)
      ffi (>= 1.0.7)
      json_pure
      rubyzip
    sprockets (1.0.2)
    sunspot_index_queue (1.1.0)
      sunspot (>= 1.1.0)
    systemu (2.2.0)
    term-ansicolor (1.0.6)
    thor (0.14.6)
    tmm1-amqp (0.6.4)
      eventmachine (>= 0.12.4)
    treetop (1.4.9)
      polyglot (>= 0.3.1)
    tzinfo (0.3.29)
    uuid (2.3.4)
      macaddr (~> 1.0)
    warden (1.0.3)
      rack (>= 1.0.0)
    will_paginate (3.0.pre2)
    xpath (0.1.4)
      nokogiri (~> 1.3)
    yamler (0.1.0)

PLATFORMS
  ruby

DEPENDENCIES
  activeldap3
  bundler (= 1.0.11)
  capistrano (= 2.5.19)
  capistrano-ext (= 1.2.1)
  capybara (= 1.1.0.rc1)
  configatron (= 2.6.3)
  cucumber-rails (= 1.0.2)
  daemon_controller (~> 0.2.6)
  daemons (= 1.0.10)
  database_cleaner
  declarative_authorization (~> 0.5.2)
  devise (= 1.2.1)
  dudemeister-uuid4r (= 0.1.3)
  em-websocket (= 0.3.1)
  email_spec
  eventmachine (= 1.0.0.beta.2)
  factory_girl_rails
  faker
  fishman-eventmachine_httpserver (= 0.2.2)
  foreman
  hoptoad_notifier
  httparty (= 0.7.4)
  jeremymcanally-context (= 0.5.5)
  jquery-rails
  json (~> 1.4.3)
  launchy
  memcache-client
  mocha (= 0.9.8)
  mysql
  newrelic_rpm
  omniauth!
  paperclip (~> 2.3.8)
  pickle
  protolink!
  rails (= 3.0.5)
  random_data (= 1.5.1)
  redcarpet
  rspec-rails
  ruby-debug (= 0.10.3)
  ruby-ifconfig!
  ruby-ip (= 0.9.0)
  ruby-net-ldap (= 0.0.4)
  selenium-webdriver (= 2.5.0)
  sprockets
  sprockets-rails!
  sunspot!
  sunspot_index_queue
  sunspot_rails
  tmm1-amqp (= 0.6.4)
  will_paginate (= 3.0.pre2)
